PATH
  remote: .
  specs:
    webfontloader (1.6.10)

GEM
  remote: https://rubygems.org/
  specs:
    rack (1.5.2)
    rack-protection (1.5.3)
      rack
    rake (10.3.2)
    sinatra (1.3.6)
      rack (~> 1.4)
      rack-protection (~> 1.3)
      tilt (~> 1.3, >= 1.3.3)
    tilt (1.4.1)
    vegas (0.1.11)
      rack (>= 1.0.0)

PLATFORMS
  ruby

DEPENDENCIES
  rack (~> 1.5.1)
  rake
  sinatra (~> 1.3.4)
  vegas (~> 0.1.11)
  webfontloader!
